GEM
  remote: https://rubygems.org/
  specs:
    serialport (1.3.1)

PLATFORMS
  ruby

DEPENDENCIES
  serialport (~> 1.3.1)

BUNDLED WITH
   1.13.6
